GEM
  remote: http://rubygems.org/
  remote: http://gems.github.com/
  specs:
    activesupport (3.0.9)
    aproxacs-s3sync (1.3.6)
    classifier (1.3.3)
      fast-stemmer (>= 1.0.0)
    cmdparse (2.0.3)
    daemons (1.0.10)
    directory_watcher (1.4.0)
    fast-stemmer (1.0.0)
    fssm (0.2.7)
    gem_plugin (0.2.3)
    i18n (0.6.0)
    jekyll (0.10.0)
      classifier (>= 1.3.1)
      directory_watcher (>= 1.1.1)
      liquid (>= 1.9.0)
      maruku (>= 0.5.9)
    juicer (1.0.12)
      cmdparse
      nokogiri
      rubyzip
    kramdown (0.13.3)
    less (2.0.5)
      therubyracer (~> 0.9.2)
    libv8 (3.3.10.2)
    liquid (2.2.2)
    maruku (0.6.0)
      syntax (>= 1.0.0)
    mongrel (1.2.0.pre2)
      daemons (~> 1.0.10)
      gem_plugin (~> 0.2.3)
    nokogiri (1.5.0)
    rack (1.3.0)
    rake (0.9.2)
    rubyzip (0.9.4)
    serve (1.1.1)
      activesupport (~> 3.0.7)
      i18n (~> 0.6.0)
      rack (~> 1.3.0)
      tilt (~> 1.3.1)
      tzinfo (~> 0.3.27)
    syntax (1.0.0)
    therubyracer (0.9.2)
      libv8 (~> 3.3.10)
    tilt (1.3.2)
    tzinfo (0.3.29)

PLATFORMS
  ruby

DEPENDENCIES
  aproxacs-s3sync
  fssm
  jekyll
  juicer
  kramdown
  less
  mongrel (>= 1.2.0.pre2)
  rake
  serve
